PATH
  remote: .
  specs:
    omniauth-cloudiap (0.1.0)
      jwt
      omniauth

GEM
  remote: https://rubygems.org/
  specs:
    hashie (3.5.7)
    jwt (2.1.0)
    minitest (5.11.3)
    minitest-power_assert (0.3.0)
      minitest
      power_assert (>= 1.1)
    omniauth (1.8.1)
      hashie (>= 3.4.6, < 3.6.0)
      rack (>= 1.6.2, < 3)
    power_assert (1.1.3)
    rack (2.0.6)
    rack-test (1.1.0)
      rack (>= 1.0, < 3)
    rake (10.5.0)
    timecop (0.9.1)

PLATFORMS
  ruby

DEPENDENCIES
  bundler (~> 1.17)
  minitest (~> 5.0)
  minitest-power_assert
  omniauth-cloudiap!
  rack-test
  rake (~> 10.0)
  timecop

BUNDLED WITH
   1.17.1
